GEM
  remote: https://rubygems.org/
  specs:
    influxdb (0.7.0)

PLATFORMS
  ruby

DEPENDENCIES
  influxdb

BUNDLED WITH
   2.0.2
